GEM
  remote: http://rubygems.org/
  remote: http://sulair-rails-dev.stanford.edu/
  specs:
    actionmailer (2.3.9)
      actionpack (= 2.3.9)
    actionpack (2.3.9)
      activesupport (= 2.3.9)
      rack (~> 1.1.0)
    active-fedora (1.1.13)
      mime-types (>= 1.16)
      multipart-post
      nokogiri
      om (>= 0.1.9)
      solr-ruby (>= 0.0.6)
      xml-simple (>= 1.0.12)
    activerecord (2.3.9)
      activesupport (= 2.3.9)
    activeresource (2.3.9)
      activesupport (= 2.3.9)
    activesupport (2.3.9)
    authlogic (2.1.2)
      activesupport
    bagit (0.1.0)
      semver (~> 0.1.0)
    builder (3.0.0)
    columnize (0.3.1)
    curb (0.7.9)
    daemons (1.1.0)
    delayed_job (2.0.3)
      daemons
    eem_model (0.0.2.1)
      active-fedora (= 1.1.13)
    facets (2.8.4)
    gemcutter (0.6.1)
    git (1.2.5)
    haml (2.2.24)
    hanna (0.1.12)
      haml (~> 2.2.8)
      rake (~> 0.8.2)
      rdoc (~> 2.3.0)
    jeweler (1.5.2)
      bundler (~> 1.0.0)
      git (>= 1.2.5)
      rake
    json (1.4.6)
    json_pure (1.4.6)
    linecache (0.43)
    lyber-core (0.9.5)
      actionpack (= 2.3.9)
      active-fedora (>= 1.1.13)
      activesupport (= 2.3.9)
      bagit (= 0.1.0)
      bundler (>= 1.0.0)
      columnize (= 0.3.1)
      facets (= 2.8.4)
      gemcutter (= 0.6.1)
      git (= 1.2.5)
      haml (= 2.2.24)
      hanna (= 0.1.12)
      jeweler (>= 1.4)
      json_pure (= 1.4.6)
      linecache (= 0.43)
      mime-types (= 1.16)
      multipart-post (= 1.0.1)
      nokogiri (= 1.4.3.1)
      om
      rake (= 0.8.7)
      rdoc (= 2.3.0)
      roxml (= 3.1.5)
      rspec (= 1.3.0)
      ruby-debug (= 0.10.3)
      rubyforge (= 2.0.4)
      semver (= 0.1.0)
      solr-ruby (= 0.0.8)
      systemu (>= 1.2.0)
      validatable (= 1.6.7)
      xml-simple (= 1.0.12)
    marc (0.3.0)
    mime-types (1.16)
    multipart-post (1.0.1)
    nokogiri (1.4.3.1)
    om (1.0.2)
      facets
      facets
      nokogiri
      nokogiri (>= 1.4.2)
    rack (1.1.0)
    rails (2.3.9)
      actionmailer (= 2.3.9)
      actionpack (= 2.3.9)
      activerecord (= 2.3.9)
      activeresource (= 2.3.9)
      activesupport (= 2.3.9)
      rake (>= 0.8.3)
    rake (0.8.7)
    rdoc (2.3.0)
    roxml (3.1.5)
      activesupport (>= 2.3.0)
      nokogiri (>= 1.3.3)
    rsolr (0.12.1)
      builder (>= 2.1.2)
    rsolr-ext (0.12.0)
      rsolr (>= 0.12.1)
    rspec (1.3.0)
    rspec-rails (1.3.2)
      rack (>= 1.0.0)
      rspec (>= 1.3.0)
    ruby-debug (0.10.3)
      columnize (>= 0.1)
      ruby-debug-base (~> 0.10.3.0)
    ruby-debug-base (0.10.3)
      linecache (>= 0.3)
    rubyforge (2.0.4)
      json_pure (>= 1.1.7)
    semver (0.1.0)
    solr-ruby (0.0.8)
    sqlite3-ruby (1.3.2)
    systemu (1.2.0)
    validatable (1.6.7)
    will_paginate (2.3.11)
    xml-simple (1.0.12)

PLATFORMS
  ruby

DEPENDENCIES
  active-fedora (= 1.1.13)
  authlogic (= 2.1.2)
  curb
  delayed_job (= 2.0.3)
  eem_model (= 0.0.2.1)
  json
  lyber-core (= 0.9.5)
  marc (= 0.3.0)
  rails (= 2.3.9)
  rsolr (= 0.12.1)
  rsolr-ext (= 0.12.0)
  rspec (< 2.0)
  rspec-rails (< 2.0)
  sqlite3-ruby
  will_paginate (= 2.3.11)

METADATA
  version: 1.0.6
